GEM
  remote: https://rubygems.org/
  specs:
    json (1.7.7)
    rack (1.5.2)
    sinatra (1.1.0)
      rack (~> 1.1)
      tilt (~> 1.1)
    tilt (1.4.0)

PLATFORMS
  ruby

DEPENDENCIES
  json (= 1.7.7)
  sinatra (= 1.1.0)
